GEM
  remote: https://rubygems.org/
  specs:
    dotenv (2.0.2)
    faraday (0.9.2)
      multipart-post (>= 1.2, < 3)
    faraday_middleware (0.10.0)
      faraday (>= 0.7.4, < 0.10)
    multipart-post (2.0.0)
    rack (1.6.4)
    roda (2.9.0)
      rack

PLATFORMS
  ruby

DEPENDENCIES
  dotenv
  faraday
  faraday_middleware
  roda

BUNDLED WITH
   1.11.2
