GEM
  remote: https://rubygems.org/
  specs:
    coderay (1.1.0)
    dotenv (2.0.2)
    erubis (2.7.0)
    faraday (0.9.2)
      multipart-post (>= 1.2, < 3)
    faraday_middleware (0.10.0)
      faraday (>= 0.7.4, < 0.10)
    ffi (1.9.10)
    foreman (0.78.0)
      thor (~> 0.19.1)
    listen (3.0.5)
      rb-fsevent (>= 0.9.3)
      rb-inotify (>= 0.9)
    method_source (0.8.2)
    minitest (5.4.3)
    multipart-post (2.0.0)
    pg (0.18.4)
    pry (0.10.3)
      coderay (~> 1.1.0)
      method_source (~> 0.8.1)
      slop (~> 3.4)
    rack (1.6.4)
    rack-test (0.6.3)
      rack (>= 1.0)
    rake (10.4.2)
    rb-fsevent (0.9.7)
    rb-inotify (0.9.5)
      ffi (>= 0.5.0)
    rerun (0.11.0)
      listen (~> 3.0)
    roda (2.9.0)
      rack
    sequel (4.30.0)
    simple_oauth (0.3.1)
    slop (3.6.0)
    thor (0.19.1)
    tilt (2.0.2)
    vcr (3.0.1)

PLATFORMS
  ruby

DEPENDENCIES
  dotenv
  erubis
  faraday
  faraday_middleware
  foreman
  minitest
  pg
  pry
  rack-test
  rake
  rerun
  roda
  sequel
  simple_oauth
  tilt
  vcr

BUNDLED WITH
   1.11.2
